GIT
  remote: git://github.com/ffloyd/markdownlint.git
  revision: 801cb12f645d894e0d262bb4908d8086b6dd23bc
  branch: update-kramdown-dep
  specs:
    mdl (0.5.0)
      kramdown (~> 2.0)
      kramdown-parser-gfm (~> 1.0)
      mixlib-cli (~> 1.7, >= 1.7.0)
      mixlib-config (~> 2.2, >= 2.2.1)

PATH
  remote: .
  specs:
    flows (0.2.0)

GEM
  remote: https://rubygems.org/
  specs:
    ast (2.4.0)
    backports (3.15.0)
    benchmark-ips (2.7.2)
    codecov (0.1.14)
      json
      simplecov
      url
    coderay (1.1.2)
    concurrent-ruby (1.1.5)
    crass (1.0.4)
    diff-lcs (1.3)
    docile (1.3.2)
    dry-configurable (0.8.3)
      concurrent-ruby (~> 1.0)
      dry-core (~> 0.4, >= 0.4.7)
    dry-container (0.7.2)
      concurrent-ruby (~> 1.0)
      dry-configurable (~> 0.1, >= 0.1.3)
    dry-core (0.4.9)
      concurrent-ruby (~> 1.0)
    dry-equalizer (0.2.2)
    dry-events (0.2.0)
      concurrent-ruby (~> 1.0)
      dry-core (~> 0.4)
      dry-equalizer (~> 0.2)
    dry-matcher (0.8.2)
      dry-core (>= 0.4.8)
    dry-monads (1.3.1)
      concurrent-ruby (~> 1.0)
      dry-core (~> 0.4, >= 0.4.4)
      dry-equalizer
    dry-transaction (0.13.0)
      dry-container (>= 0.2.8)
      dry-events (>= 0.1.0)
      dry-matcher (>= 0.7.0)
      dry-monads (>= 0.4.0)
    equatable (0.6.1)
    ffi (1.11.1)
    ffi-hunspell (0.4.0)
      ffi (~> 1.0)
    forspell (0.0.8)
      backports (~> 3.0)
      ffi-hunspell
      highline
      kramdown (~> 2.0)
      kramdown-parser-gfm (~> 1.0)
      parser
      pastel
      ruby-progressbar
      sanitize (~> 5.0)
      slop (~> 4.6)
      yard
    highline (2.0.2)
    jaro_winkler (1.5.3)
    json (2.2.0)
    kramdown (2.1.0)
    kramdown-parser-gfm (1.1.0)
      kramdown (~> 2.0)
    method_source (0.9.2)
    mini_portile2 (2.4.0)
    mixlib-cli (1.7.0)
    mixlib-config (2.2.18)
      tomlrb
    nokogiri (1.10.4)
      mini_portile2 (~> 2.4.0)
    nokogumbo (2.0.1)
      nokogiri (~> 1.8, >= 1.8.4)
    parallel (1.17.0)
    parser (2.6.4.1)
      ast (~> 2.4.0)
    pastel (0.7.3)
      equatable (~> 0.6)
      tty-color (~> 0.5)
    pry (0.12.2)
      coderay (~> 1.1.0)
      method_source (~> 0.9.0)
    rainbow (3.0.0)
    rake (10.5.0)
    rspec (3.8.0)
      rspec-core (~> 3.8.0)
      rspec-expectations (~> 3.8.0)
      rspec-mocks (~> 3.8.0)
    rspec-core (3.8.2)
      rspec-support (~> 3.8.0)
    rspec-expectations (3.8.4)
      diff-lcs (>= 1.2.0, < 2.0)
      rspec-support (~> 3.8.0)
    rspec-mocks (3.8.1)
      diff-lcs (>= 1.2.0, < 2.0)
      rspec-support (~> 3.8.0)
    rspec-support (3.8.2)
    rubocop (0.74.0)
      jaro_winkler (~> 1.5.1)
      parallel (~> 1.10)
      parser (>= 2.6)
      rainbow (>= 2.2.2, < 4.0)
      ruby-progressbar (~> 1.7)
      unicode-display_width (>= 1.4.0, < 1.7)
    rubocop-md (0.3.0)
      rubocop (~> 0.60)
    rubocop-performance (1.4.1)
      rubocop (>= 0.71.0)
    rubocop-rspec (1.35.0)
      rubocop (>= 0.60.0)
    ruby-prof (1.0.0)
    ruby-progressbar (1.10.1)
    sanitize (5.1.0)
      crass (~> 1.0.2)
      nokogiri (>= 1.8.0)
      nokogumbo (~> 2.0)
    simplecov (0.17.1)
      docile (~> 1.1)
      json (>= 1.8, < 3)
      simplecov-html (~> 0.10.0)
    simplecov-html (0.10.2)
    slop (4.7.0)
    stackprof (0.2.12)
    tomlrb (1.2.8)
    trailblazer-activity (0.9.0)
      trailblazer-context (>= 0.1.4)
    trailblazer-activity-dsl-linear (0.2.0)
      trailblazer-activity (>= 0.9.0, < 1.0.0)
    trailblazer-context (0.1.4)
    trailblazer-operation (0.5.2)
      trailblazer-activity-dsl-linear (>= 0.1.6, < 1.0.0)
    tty-color (0.5.0)
    unicode-display_width (1.6.0)
    url (0.3.2)
    yard (0.9.20)

PLATFORMS
  ruby

DEPENDENCIES
  benchmark-ips
  bundler (~> 2.0)
  codecov
  dry-transaction
  flows!
  forspell (~> 0.0.8)
  mdl!
  pry
  rake (~> 10.0)
  rspec (~> 3.0)
  rubocop
  rubocop-md
  rubocop-performance
  rubocop-rspec
  ruby-prof
  simplecov
  stackprof
  trailblazer-operation

BUNDLED WITH
   2.0.1
